GEM
  remote: https://rubygems.org/
  specs:
    mini_portile2 (2.1.0)
    nokogiri (1.6.8)
      mini_portile2 (~> 2.1.0)
      pkg-config (~> 1.1.7)
    pkg-config (1.1.7)
    xml-simple (1.1.5)

PLATFORMS
  ruby

DEPENDENCIES
  nokogiri
  xml-simple (= 1.1.5)

BUNDLED WITH
   1.12.5
