GEM
  remote: https://rubygems.org/
  specs:
    colorize (0.8.1)
    hashie (3.4.4)
    mini_portile2 (2.8.4)
    nokogiri (1.15.4)
      mini_portile2 (~> 2.8.2)
      racc (~> 1.4)
    racc (1.7.1)

PLATFORMS
  ruby

DEPENDENCIES
  colorize (= 0.8.1)
  hashie (= 3.4.4)
  nokogiri

BUNDLED WITH
   2.3.4